GIT
  remote: git://github.com/mitchellh/vagrant.git
  revision: 0823dc7b8434516562068f4b8467408dc07536cd
  specs:
    vagrant (1.4.2.dev)
      childprocess (~> 0.3.7)
      erubis (~> 2.7.0)
      i18n (~> 0.6.0)
      log4r (~> 1.1.9)
      net-scp (~> 1.1.0)
      net-ssh (>= 2.6.6, < 2.8.0)

GIT
  remote: git@github.com:eventbrite/vagrant-puppet-fact-generator.git
  revision: 936559606476579b66ced75ca9aacacdabf4c1ad
  specs:
    vagrant-puppet-fact-generator (0.0.1)

PATH
  remote: .
  specs:
    vagrant-ebcommon (0.0.1)

GEM
  remote: https://rubygems.org/
  specs:
    childprocess (0.3.9)
      ffi (~> 1.0, >= 1.0.11)
    columnize (0.3.6)
    debugger (1.6.3)
      columnize (>= 0.3.1)
      debugger-linecache (~> 1.2.0)
      debugger-ruby_core_source (~> 1.2.4)
    debugger-linecache (1.2.0)
    debugger-ruby_core_source (1.2.4)
    erubis (2.7.0)
    ffi (1.9.3)
    i18n (0.6.9)
    log4r (1.1.10)
    net-scp (1.1.2)
      net-ssh (>= 2.6.5)
    net-ssh (2.7.0)
    rake (10.1.0)

PLATFORMS
  ruby

DEPENDENCIES
  bundler (~> 1.3)
  debugger
  rake
  vagrant!
  vagrant-ebcommon!
  vagrant-puppet-fact-generator!
